GEM
  remote: https://rubygems.org/
  specs:
    addressable (2.6.0)
      public_suffix (>= 2.0.2, < 4.0)
    crack (0.4.3)
      safe_yaml (~> 1.0.0)
    curb (0.9.10)
    hashdiff (1.0.0)
    json (2.2.0)
    mini_portile2 (2.4.0)
    minitest (5.11.3)
    nokogiri (1.10.4)
      mini_portile2 (~> 2.4.0)
    public_suffix (3.1.1)
    rake (12.3.3)
    safe_yaml (1.0.5)
    webmock (3.6.2)
      addressable (>= 2.3.6)
      crack (>= 0.3.2)
      hashdiff (>= 0.4.0, < 2.0.0)

PLATFORMS
  ruby

DEPENDENCIES
  curb (~> 0.9.10)
  json
  minitest (~> 5.11)
  nokogiri (>= 1.10.4)
  rake
  webmock (~> 3.3)

BUNDLED WITH
   1.17.2
